GEM
  remote: https://rubygems.org/
  specs:
    chingu (0.8.1)
      crack
      gosu (>= 0.7.25)
      rest-client
    crack (0.4.2)
      safe_yaml (~> 1.0.0)
    gosu (0.7.50)
    mime-types (2.3)
    netrc (0.7.7)
    rest-client (1.7.2)
      mime-types (>= 1.16, < 3.0)
      netrc (~> 0.7)
    safe_yaml (1.0.3)

PLATFORMS
  ruby

DEPENDENCIES
  chingu
